PATH
  remote: .
  specs:
    codefuckery (0.0.1)
      clamp (~> 1.3)

GEM
  remote: https://rubygems.org/
  specs:
    clamp (1.3.1)
    minitest (5.13.0)
    rake (13.0.0)

PLATFORMS
  ruby

DEPENDENCIES
  codefuckery!
  minitest
  rake

BUNDLED WITH
   2.0.2
