PATH
  remote: .
  specs:
    codefuckery (0.0.1)
      clamp (~> 1.3)

GEM
  remote: https://rubygems.org/
  specs:
    clamp (1.3.1)

PLATFORMS
  ruby

DEPENDENCIES
  codefuckery!

BUNDLED WITH
   2.0.2
